GEM
  remote: https://rubygems.org/
  specs:
    keen (0.5.0)
      multi_json (~> 1.0)
    multi_json (1.6.1)
    rack (1.4.5)
    rack-protection (1.4.0)
      rack
    sinatra (1.3.5)
      rack (~> 1.4)
      rack-protection (~> 1.3)
      tilt (~> 1.3, >= 1.3.3)
    tilt (1.3.4)

PLATFORMS
  ruby

DEPENDENCIES
  keen
  sinatra
